PATH
  remote: .
  specs:
    slugoid (0.0.3)
      mongoid (>= 2.0.0.beta.17)

GEM
  remote: http://rubygems.org/
  specs:
    activemodel (3.0.3)
      activesupport (= 3.0.3)
      builder (~> 2.1.2)
      i18n (~> 0.4)
    activesupport (3.0.3)
    bson (1.1.4)
    bson_ext (1.1.4)
    builder (2.1.2)
    i18n (0.5.0)
    mongo (1.1.4)
      bson (>= 1.1.1)
    mongoid (2.0.0.beta.20)
      activemodel (~> 3.0)
      mongo (~> 1.1)
      tzinfo (~> 0.3.22)
      will_paginate (~> 3.0.pre)
    shoulda (2.11.3)
    tzinfo (0.3.23)
    will_paginate (3.0.pre2)

PLATFORMS
  ruby

DEPENDENCIES
  bson_ext (~> 1.1.1)
  mongoid (>= 2.0.0.beta.17)
  shoulda (~> 2.11.3)
  slugoid!
